GEM
  remote: https://rubygems.org/
  specs:
    ir_b (1.5.0)
    json (1.8.1)
    rack (1.5.2)
    rack-protection (1.5.0)
      rack
    sinatra (1.4.3)
      rack (~> 1.4)
      rack-protection (~> 1.4)
      tilt (~> 1.3, >= 1.3.4)
    tilt (1.4.1)

PLATFORMS
  ruby

DEPENDENCIES
  ir_b
  json
  sinatra
